GEM
  remote: http://rubygems.org/
  specs:
    coderay (1.0.8)
    diff-lcs (1.1.3)
    fuubar (1.1.0)
      rspec (~> 2.0)
      rspec-instafail (~> 0.2.0)
      ruby-progressbar (~> 1.0.0)
    git (1.2.5)
    jeweler (1.8.4)
      bundler (~> 1.0)
      git (>= 1.2.5)
      rake
      rdoc
    json (1.7.5)
    method_source (0.8.1)
    nyan-cat-formatter (0.2.0)
    pry (0.9.10)
      coderay (~> 1.0.5)
      method_source (~> 0.8)
      slop (~> 3.3.1)
    pry-doc (0.4.4)
      pry (>= 0.9.9.6)
      yard (~> 0.8.1)
    pry-nav (0.2.2)
      pry (~> 0.9.10)
    rake (10.0.3)
    rdoc (3.12)
      json (~> 1.4)
    rformat (0.1.2)
      fuubar
      nyan-cat-formatter
      rspec-formatter-webkit
      rspec-nc
      unicorn-formatter
    rspec (2.12.0)
      rspec-core (~> 2.12.0)
      rspec-expectations (~> 2.12.0)
      rspec-mocks (~> 2.12.0)
    rspec-core (2.12.2)
    rspec-expectations (2.12.1)
      diff-lcs (~> 1.1.3)
    rspec-formatter-webkit (2.2.0)
      rspec-core (~> 2.7)
    rspec-instafail (0.2.4)
    rspec-mocks (2.12.0)
    rspec-nc (0.0.4)
      rspec (~> 2.9)
      terminal-notifier (~> 1.4.2)
    ruby-progressbar (1.0.2)
    slop (3.3.3)
    terminal-notifier (1.4.2)
    unicorn-formatter (0.1.3)
      rspec
    yard (0.8.3)

PLATFORMS
  ruby

DEPENDENCIES
  jeweler
  pry
  pry-doc
  pry-nav
  rformat
  rspec
